GEM
  remote: https://rubygems.org/
  specs:
    activemodel (5.2.8.1)
      activesupport (= 5.2.8.1)
    activerecord (5.2.8.1)
      activemodel (= 5.2.8.1)
      activesupport (= 5.2.8.1)
      arel (>= 9.0)
    activesupport (5.2.8.1)
      concurrent-ruby (~> 1.0, >= 1.0.2)
      i18n (>= 0.7, < 2)
      minitest (~> 5.1)
      tzinfo (~> 1.1)
    arel (9.0.0)
    backports (3.6.4)
    concurrent-ruby (1.1.10)
    daemons (1.2.3)
    eventmachine (1.0.7)
    i18n (1.11.0)
      concurrent-ruby (~> 1.0)
    mini_portile2 (2.5.1)
    minitest (5.16.2)
    multi_json (1.11.2)
    mysql2 (0.3.18)
    mysql2 (0.3.18-x64-mingw32)
    nokogiri (1.11.4)
      mini_portile2 (~> 2.5.0)
      racc (~> 1.4)
    nokogiri (1.11.4-x64-mingw32)
      racc (~> 1.4)
    racc (1.5.2)
    rack (1.6.12)
    rack-protection (1.5.5)
      rack
    rack-test (0.6.3)
      rack (>= 1.0)
    rake (12.3.3)
    sinatra (1.4.6)
      rack (~> 1.4)
      rack-protection (~> 1.4)
      tilt (>= 1.3, < 3)
    sinatra-activerecord (2.0.6)
      activerecord (>= 3.2)
      sinatra (~> 1.0)
    sinatra-contrib (1.4.6)
      backports (>= 2.0)
      multi_json
      rack-protection
      rack-test
      sinatra (~> 1.4.0)
      tilt (>= 1.3, < 3)
    thin (1.6.3)
      daemons (~> 1.0, >= 1.0.9)
      eventmachine (~> 1.0)
      rack (~> 1.0)
    thread_safe (0.3.6)
    tilt (2.0.1)
    tzinfo (1.2.9)
      thread_safe (~> 0.1)
    will_paginate (3.0.7)

PLATFORMS
  ruby
  x64-mingw32

DEPENDENCIES
  activerecord
  mysql2
  nokogiri
  rake
  sinatra
  sinatra-activerecord
  sinatra-contrib
  thin
  will_paginate
